GEM
  remote: https://rubygems.org/
  specs:
    constructor (2.0.0)
    diff-lcs (1.2.5)
    ffi (1.9.6)
    hoe (3.13.0)
      rake (>= 0.8, < 11.0)
    nice-ffi (0.4)
      ffi (>= 0.5.0)
    publisher (1.1.2)
    rake (10.3.2)
    rspec (3.1.0)
      rspec-core (~> 3.1.0)
      rspec-expectations (~> 3.1.0)
      rspec-mocks (~> 3.1.0)
    rspec-core (3.1.7)
      rspec-support (~> 3.1.0)
    rspec-expectations (3.1.2)
      diff-lcs (>= 1.2.0, < 2.0)
      rspec-support (~> 3.1.0)
    rspec-mocks (3.1.3)
      rspec-support (~> 3.1.0)
    rspec-support (3.1.2)
    ruby-sdl-ffi (0.4)
      nice-ffi (>= 0.2)
    rubygame (2.6.4)
      rake (>= 0.7.0)
      ruby-sdl-ffi (>= 0.1.0)
    rubygoo (0.0.8)
      constructor
      hoe (>= 1.8.3)
      publisher
      rspec

PLATFORMS
  ruby

DEPENDENCIES
  rubygame
  rubygoo
